GEM
  remote: http://rubygems.org/
  specs:
    autotest (4.4.1)
    diff-lcs (1.1.2)
    fastercsv (1.5.3)
    rspec (2.0.0.beta.22)
      rspec-core (= 2.0.0.beta.22)
      rspec-expectations (= 2.0.0.beta.22)
      rspec-mocks (= 2.0.0.beta.22)
    rspec-core (2.0.0.beta.22)
    rspec-expectations (2.0.0.beta.22)
      diff-lcs (>= 1.1.2)
    rspec-mocks (2.0.0.beta.22)
      rspec-core (= 2.0.0.beta.22)
      rspec-expectations (= 2.0.0.beta.22)

PLATFORMS
  ruby

DEPENDENCIES
  autotest
  fastercsv
  rspec (= 2.0.0.beta.22)
